GEM
  remote: https://rubygems.org/
  specs:
    aws-flow (1.0.8)
      aws-flow-core (>= 1.0.1)
      aws-sdk (~> 1)
    aws-flow-core (1.0.1)
    aws-sdk (1.33.0)
      json (~> 1.4)
      nokogiri (>= 1.4.4)
      uuidtools (~> 2.1)
    json (1.8.1)
    mini_portile (0.5.2)
    nokogiri (1.6.1)
      mini_portile (~> 0.5.0)
    sys-proctable (0.9.3)
    uuidtools (2.1.4)

PLATFORMS
  ruby

DEPENDENCIES
  aws-flow
  sys-proctable
